GEM
  remote: http://rubygems.org/
  specs:
    albacore (0.3.6)
      rubyzip (< 1.0.0)
    rake (12.3.3)
    rubyzip (0.9.9)

PLATFORMS
  ruby

DEPENDENCIES
  albacore
  rake
  rubyzip (~> 0.9.9)
